GEM
  remote: https://rubygems.org/
  specs:
    couchrest (2.0.1)
      httpclient (~> 2.8)
      mime-types (>= 1.15)
      multi_json (~> 1.7)
    daemons (1.2.4)
    eventmachine (1.2.3)
    faraday (0.11.0)
      multipart-post (>= 1.2, < 3)
    haml (4.0.7)
      tilt
    hashie (3.5.5)
    httpclient (2.8.3)
    json (2.0.3)
    jwt (1.5.6)
    macaddr (1.7.1)
      systemu (~> 2.6.2)
    mime-types (3.1)
      mime-types-data (~> 3.2015)
    mime-types-data (3.2016.0521)
    multi_json (1.12.1)
    multi_xml (0.6.0)
    multipart-post (2.0.0)
    oauth (0.5.1)
    oauth2 (1.3.1)
      faraday (>= 0.8, < 0.12)
      jwt (~> 1.0)
      multi_json (~> 1.3)
      multi_xml (~> 0.5)
      rack (>= 1.2, < 3)
    omniauth (1.6.1)
      hashie (>= 3.4.6, < 3.6.0)
      rack (>= 1.6.2, < 3)
    omniauth-facebook (4.0.0)
      omniauth-oauth2 (~> 1.2)
    omniauth-google-oauth2 (0.4.1)
      jwt (~> 1.5.2)
      multi_json (~> 1.3)
      omniauth (>= 1.1.1)
      omniauth-oauth2 (>= 1.3.1)
    omniauth-oauth (1.1.0)
      oauth
      omniauth (~> 1.0)
    omniauth-oauth2 (1.4.0)
      oauth2 (~> 1.0)
      omniauth (~> 1.2)
    omniauth-twitter (1.4.0)
      omniauth-oauth (~> 1.1)
      rack
    omniauth-yahoo (0.0.8)
      omniauth-oauth (~> 1.0)
    rack (1.6.5)
    rack-cors (0.4.1)
    rack-protection (1.5.3)
      rack
    sinatra (1.4.8)
      rack (~> 1.5)
      rack-protection (~> 1.4)
      tilt (>= 1.3, < 3)
    systemu (2.6.5)
    thin (1.7.0)
      daemons (~> 1.0, >= 1.0.9)
      eventmachine (~> 1.0, >= 1.0.4)
      rack (>= 1, < 3)
    tilt (2.0.7)
    uuid (2.3.8)
      macaddr (~> 1.0)

PLATFORMS
  ruby

DEPENDENCIES
  couchrest
  eventmachine (>= 1.0.0)
  haml
  json
  omniauth
  omniauth-facebook
  omniauth-google-oauth2
  omniauth-twitter
  omniauth-yahoo
  rack-cors
  sinatra (>= 1.3.3)
  thin (>= 1.6.1)
  uuid

BUNDLED WITH
   1.11.2
