GEM
  remote: http://rubygems.org/
  specs:
    couchrest (1.1.3)
      mime-types (~> 1.15)
      multi_json (~> 1.0)
      rest-client (~> 1.6.1)
    daemons (1.1.4)
    eventmachine (0.12.10)
    faraday (0.8.4)
      multipart-post (~> 1.1)
    haml (3.1.2)
    hashie (1.2.0)
    httpauth (0.2.0)
    json (1.7.6)
    jwt (0.1.5)
      multi_json (>= 1.0)
    macaddr (1.6.1)
      systemu (~> 2.5.0)
    mime-types (1.19)
    multi_json (1.5.0)
    multipart-post (1.1.5)
    oauth2 (0.8.0)
      faraday (~> 0.8)
      httpauth (~> 0.1)
      jwt (~> 0.1.4)
      multi_json (~> 1.0)
      rack (~> 1.2)
    omniauth (1.1.1)
      hashie (~> 1.2)
      rack
    omniauth-facebook (1.4.1)
      omniauth-oauth2 (~> 1.1.0)
    omniauth-google-oauth2 (0.1.13)
      omniauth (~> 1.0)
      omniauth-oauth2
    omniauth-oauth2 (1.1.1)
      oauth2 (~> 0.8.0)
      omniauth (~> 1.0)
    rack (1.4.4)
    rack-cors (0.2.7)
      rack
    rack-protection (1.3.2)
      rack
    rest-client (1.6.7)
      mime-types (>= 1.16)
    sinatra (1.3.3)
      rack (~> 1.3, >= 1.3.6)
      rack-protection (~> 1.2)
      tilt (~> 1.3, >= 1.3.3)
    systemu (2.5.2)
    thin (1.2.11)
      daemons (>= 1.0.9)
      eventmachine (>= 0.12.6)
      rack (>= 1.0.0)
    tilt (1.3.3)
    uuid (2.3.6)
      macaddr (~> 1.0)

PLATFORMS
  ruby

DEPENDENCIES
  couchrest
  haml
  json
  omniauth
  omniauth-facebook
  omniauth-google-oauth2
  rack-cors
  sinatra (>= 1.3.3)
  thin
  uuid
